GEM
  remote: https://rubygems.org/
  specs:
    mimemagic (0.3.2)

PLATFORMS
  ruby

DEPENDENCIES
  mimemagic

BUNDLED WITH
   1.16.1
