GEM
  remote: https://rubygems.org/
  specs:
    mimemagic (0.3.4)
    rubyzip (2.2.0)

PLATFORMS
  ruby

DEPENDENCIES
  mimemagic
  rubyzip

BUNDLED WITH
   2.1.4
